NUGET
  remote: https://www.nuget.org/api/v2
    Akka (1.2) - framework: >= net45
      Newtonsoft.Json (>= 9.0.1)
      System.Collections.Immutable (>= 1.3.1)
    Akka.FSharp (1.2) - framework: >= net45
      Akka (>= 1.2)
      FsPickler (>= 1.2.21)
      FSPowerPack.Core.Community (>= 3.0)
      FSPowerPack.Linq.Community (>= 3.0)
    FAKE (4.58.6)
    FsPickler (2.4) - framework: >= net45
    FSPowerPack.Core.Community (3.0) - framework: >= net45
    FSPowerPack.Linq.Community (3.0) - framework: >= net45
      FSPowerPack.Core.Community
    Microsoft.NETCore.Platforms (1.0.1) - framework: >= net45, dnxcore50, >= netstandard10, netstandard12, netstandard13
    Microsoft.NETCore.Targets (1.1) - framework: dnxcore50, >= netstandard10
    Microsoft.Win32.Primitives (4.3) - framework: >= net46
    NETStandard.Library (1.6) - framework: >= net45
      Microsoft.Win32.Primitives (>= 4.0.1) - framework: >= net46, >= netstandard13
      System.AppContext (>= 4.1) - framework: >= net46, >= netstandard13
      System.Collections.Concurrent (>= 4.0.12) - framework: >= net45, >= netstandard11
      System.Console (>= 4.0) - framework: >= net46, >= netstandard13
      System.Diagnostics.Tracing (>= 4.1) - framework: >= net45, >= netstandard11
      System.Globalization.Calendars (>= 4.0.1) - framework: >= net46, >= netstandard13
      System.IO.Compression (>= 4.1) - framework: >= net45, >= netstandard11
      System.IO.Compression.ZipFile (>= 4.0.1) - framework: >= net46, >= netstandard13
      System.IO.FileSystem (>= 4.0.1) - framework: >= net46, >= netstandard13
      System.IO.FileSystem.Primitives (>= 4.0.1) - framework: >= net46, >= netstandard13
      System.Net.Http (>= 4.1) - framework: >= net45, >= netstandard11
      System.Net.Sockets (>= 4.1) - framework: >= net46, >= netstandard13
      System.Runtime.Handles (>= 4.0.1) - framework: >= net46, >= netstandard13
      System.Runtime.InteropServices (>= 4.1) - framework: >= net45, >= netstandard11
      System.Runtime.InteropServices.RuntimeInformation (>= 4.0) - framework: >= net45, >= netstandard11
      System.Runtime.Numerics (>= 4.0.1) - framework: >= net45, >= netstandard11
      System.Security.Cryptography.Algorithms (>= 4.2) - framework: >= net46, >= netstandard13
      System.Security.Cryptography.Encoding (>= 4.0) - framework: >= net46, >= netstandard13
      System.Security.Cryptography.Primitives (>= 4.0) - framework: >= net46, >= netstandard13
      System.Security.Cryptography.X509Certificates (>= 4.1) - framework: >= net46, >= netstandard13
      System.Threading.Timer (>= 4.0.1) - framework: >= net451, >= netstandard12
    Newtonsoft.Json (9.0.1) - framework: >= net45
    NuGet.CommandLine (3.5) - framework: >= net45
    System.AppContext (4.3) - framework: >= net46
    System.Collections (4.0.11)
      Microsoft.NETCore.Platforms (>= 1.0.1) - framework: dnxcore50, netstandard10, >= netstandard13
      Microsoft.NETCore.Targets (>= 1.0.1) - framework: dnxcore50, netstandard10, >= netstandard13
      System.Runtime (>= 4.1) - framework: dnxcore50, netstandard10, >= netstandard13
    System.Collections.Concurrent (4.0.12) - framework: >= net45
    System.Collections.Immutable (1.3.1) - framework: >= net45
    System.Console (4.3) - framework: >= net46
    System.Diagnostics.Debug (4.0.11)
      Microsoft.NETCore.Platforms (>= 1.0.1) - framework: dnxcore50, netstandard10, >= netstandard13
      Microsoft.NETCore.Targets (>= 1.0.1) - framework: dnxcore50, netstandard10, >= netstandard13
      System.Runtime (>= 4.1) - framework: dnxcore50, netstandard10, >= netstandard13
    System.Diagnostics.DiagnosticSource (4.3) - framework: >= net46
    System.Diagnostics.Tools (4.0.1) - framework: >= net45
    System.Diagnostics.Tracing (4.1) - framework: >= net45
    System.Globalization (4.0.11)
      Microsoft.NETCore.Platforms (>= 1.0.1) - framework: dnxcore50, netstandard10, >= netstandard13
      Microsoft.NETCore.Targets (>= 1.0.1) - framework: dnxcore50, netstandard10, >= netstandard13
      System.Runtime (>= 4.1) - framework: dnxcore50, netstandard10, >= netstandard13
    System.Globalization.Calendars (4.3) - framework: >= net46
    System.IO (4.1) - framework: >= net45
    System.IO.Compression (4.1) - framework: >= net45
    System.IO.Compression.ZipFile (4.3) - framework: >= net46
    System.IO.FileSystem (4.3) - framework: >= net46
      System.IO.FileSystem.Primitives (>= 4.3) - framework: >= net46, >= netstandard13
    System.IO.FileSystem.Primitives (4.3) - framework: >= net46
    System.Linq (4.1)
      System.Collections (>= 4.0.11) - framework: dnxcore50, netstandard10, >= netstandard16
      System.Diagnostics.Debug (>= 4.0.11) - framework: dnxcore50, >= netstandard16
      System.Resources.ResourceManager (>= 4.0.1) - framework: dnxcore50, >= netstandard16
      System.Runtime (>= 4.1) - framework: dnxcore50, netstandard10, >= netstandard16
      System.Runtime.Extensions (>= 4.1) - framework: dnxcore50, >= netstandard16
    System.Linq.Expressions (4.1) - framework: >= net45
    System.Net.Http (4.1) - framework: >= net45
      Microsoft.Win32.Primitives (>= 4.0.1) - framework: >= net46, netstandard13
      System.Diagnostics.DiagnosticSource (>= 4.0) - framework: >= net46, dnxcore50, netstandard13, >= netstandard16
      System.Security.Cryptography.X509Certificates (>= 4.1) - framework: >= net46, dnxcore50, netstandard13, >= netstandard16
    System.Net.Primitives (4.0.11) - framework: >= net45
    System.Net.Sockets (4.3) - framework: >= net46
    System.ObjectModel (4.0.12) - framework: >= net45
    System.Reflection (4.1) - framework: >= net45, dnxcore50, >= netstandard10
    System.Reflection.Extensions (4.0.1) - framework: >= net45
    System.Reflection.Primitives (4.0.1) - framework: >= net45
    System.Resources.ResourceManager (4.0.1)
      Microsoft.NETCore.Platforms (>= 1.0.1) - framework: dnxcore50, >= netstandard10
      Microsoft.NETCore.Targets (>= 1.0.1) - framework: dnxcore50, >= netstandard10
      System.Globalization (>= 4.0.11) - framework: dnxcore50, >= netstandard10
      System.Reflection (>= 4.1) - framework: dnxcore50, >= netstandard10
      System.Runtime (>= 4.1) - framework: dnxcore50, >= netstandard10
    System.Runtime (4.1)
      Microsoft.NETCore.Platforms (>= 1.0.1) - framework: dnxcore50, netstandard10, netstandard12, netstandard13, >= netstandard15
      Microsoft.NETCore.Targets (>= 1.0.1) - framework: dnxcore50, netstandard10, netstandard12, netstandard13, >= netstandard15
    System.Runtime.Extensions (4.1)
      Microsoft.NETCore.Platforms (>= 1.0.1) - framework: dnxcore50, netstandard10, netstandard13, >= netstandard15
      Microsoft.NETCore.Targets (>= 1.0.1) - framework: dnxcore50, netstandard10, netstandard13, >= netstandard15
      System.Runtime (>= 4.1) - framework: dnxcore50, netstandard10, netstandard13, >= netstandard15
    System.Runtime.Handles (4.3) - framework: >= net46
    System.Runtime.InteropServices (4.1) - framework: >= net45
      System.Runtime (>= 4.1) - framework: >= net462, dnxcore50, netstandard11, netstandard12, netstandard13, >= netstandard15
    System.Runtime.InteropServices.RuntimeInformation (4.0) - framework: >= net45
    System.Runtime.Numerics (4.0.1) - framework: >= net45
    System.Security.Cryptography.Algorithms (4.2) - framework: >= net46
      System.IO (>= 4.1) - framework: >= net463, dnxcore50, netstandard13, netstandard14, >= netstandard16
      System.Runtime (>= 4.1) - framework: >= net463, dnxcore50, netstandard13, netstandard14, >= netstandard16
      System.Security.Cryptography.Encoding (>= 4.0) - framework: >= net463, dnxcore50, >= netstandard16
      System.Security.Cryptography.Primitives (>= 4.0) - framework: net46, net461, >= net463, dnxcore50, netstandard13, netstandard14, >= netstandard16
    System.Security.Cryptography.Encoding (4.3) - framework: >= net46
    System.Security.Cryptography.Primitives (4.3) - framework: >= net46
    System.Security.Cryptography.X509Certificates (4.1) - framework: >= net46
      System.Security.Cryptography.Algorithms (>= 4.2) - framework: net46, >= net461, dnxcore50, netstandard13, netstandard14, >= netstandard16
      System.Security.Cryptography.Encoding (>= 4.0) - framework: net46, >= net461, dnxcore50, netstandard13, netstandard14, >= netstandard16
    System.Text.Encoding (4.0.11) - framework: >= net45
    System.Text.Encoding.Extensions (4.0.11) - framework: >= net45
    System.Text.RegularExpressions (4.1) - framework: >= net45
    System.Threading (4.0.11)
      System.Runtime (>= 4.1) - framework: dnxcore50, netstandard10, >= netstandard13
      System.Threading.Tasks (>= 4.0.11) - framework: dnxcore50, netstandard10, >= netstandard13
    System.Threading.Tasks (4.0.11) - framework: >= net45, dnxcore50, netstandard10, >= netstandard13
    System.Threading.Timer (4.3) - framework: >= net451
    System.Xml.ReaderWriter (4.0.11) - framework: >= net45
    System.Xml.XDocument (4.0.11) - framework: >= net45
    xunit (2.2) - framework: >= net45
      xunit.assert (2.2)
      xunit.core (2.2)
    xunit.abstractions (2.0.1) - framework: >= net45
    xunit.assert (2.2) - framework: >= net45
    xunit.core (2.2) - framework: >= net45
      xunit.extensibility.core (2.2)
      xunit.extensibility.execution (2.2)
    xunit.extensibility.core (2.2) - framework: >= net45
      xunit.abstractions (>= 2.0.1) - framework: >= net452, >= netstandard11
    xunit.extensibility.execution (2.2) - framework: >= net45
      xunit.extensibility.core (2.2) - framework: >= net452, >= netstandard11
