NUGET
  remote: https://www.nuget.org/api/v2
    Akka (1.2) - framework: >= net45
      Newtonsoft.Json (>= 9.0.1)
      System.Collections.Immutable (>= 1.3.1)
    Akka.FSharp (1.2) - framework: >= net45
      Akka (>= 1.2)
      FsPickler (>= 1.2.21)
      FSPowerPack.Core.Community (>= 3.0)
      FSPowerPack.Linq.Community (>= 3.0)
    FAKE (4.58.6)
    FsPickler (2.4) - framework: >= net45
    FSPowerPack.Core.Community (3.0) - framework: >= net45
    FSPowerPack.Linq.Community (3.0) - framework: >= net45
      FSPowerPack.Core.Community
    Microsoft.NETCore.Platforms (1.1) - framework: dnxcore50, netstandard10, >= netstandard13
    Microsoft.NETCore.Targets (1.1) - framework: dnxcore50, netstandard10, >= netstandard13
    Newtonsoft.Json (9.0.1) - framework: >= net45
    NuGet.CommandLine (3.5) - framework: >= net45
    System.Collections.Immutable (1.3.1) - framework: >= net45
    System.Linq.Expressions (4.1) - framework: >= net45
    System.Net.Primitives (4.0.11) - framework: >= net45
    System.ObjectModel (4.0.12) - framework: >= net45
    System.Reflection.Extensions (4.0.1) - framework: >= net45
    System.Reflection.Primitives (4.0.1) - framework: >= net45
    System.Runtime (4.3) - framework: dnxcore50, netstandard10, >= netstandard13
      Microsoft.NETCore.Platforms (>= 1.1) - framework: dnxcore50, netstandard10, netstandard12, netstandard13, >= netstandard15
      Microsoft.NETCore.Targets (>= 1.1) - framework: dnxcore50, netstandard10, netstandard12, netstandard13, >= netstandard15
    System.Text.Encoding (4.0.11) - framework: >= net45
    System.Text.Encoding.Extensions (4.0.11) - framework: >= net45
    System.Text.RegularExpressions (4.1) - framework: >= net45
    System.Threading (4.0.11)
      System.Runtime (>= 4.1) - framework: dnxcore50, netstandard10, >= netstandard13
      System.Threading.Tasks (>= 4.0.11) - framework: dnxcore50, netstandard10, >= netstandard13
    System.Threading.Tasks (4.0.11) - framework: dnxcore50, netstandard10, >= netstandard13
      Microsoft.NETCore.Platforms (>= 1.0.1) - framework: dnxcore50, netstandard10, >= netstandard13
      Microsoft.NETCore.Targets (>= 1.0.1) - framework: dnxcore50, netstandard10, >= netstandard13
      System.Runtime (>= 4.1) - framework: dnxcore50, netstandard10, >= netstandard13
    System.Xml.ReaderWriter (4.0.11) - framework: >= net45
    System.Xml.XDocument (4.0.11) - framework: >= net45
    xunit (2.2) - framework: >= net45
      xunit.assert (2.2)
      xunit.core (2.2)
    xunit.abstractions (2.0.1) - framework: >= net45
    xunit.assert (2.2) - framework: >= net45
    xunit.core (2.2) - framework: >= net45
      xunit.extensibility.core (2.2)
      xunit.extensibility.execution (2.2)
    xunit.extensibility.core (2.2) - framework: >= net45
      xunit.abstractions (>= 2.0.1) - framework: >= net452, >= netstandard11
    xunit.extensibility.execution (2.2) - framework: >= net45
      xunit.extensibility.core (2.2) - framework: >= net452, >= netstandard11
