NUGET
  remote: https://www.nuget.org/api/v2
    Akka (1.2) - framework: >= net45
      Newtonsoft.Json (>= 9.0.1)
      System.Collections.Immutable (>= 1.3.1)
    Akka.FSharp (1.2) - framework: >= net45
      Akka (>= 1.2)
      FsPickler (>= 1.2.21)
      FSPowerPack.Core.Community (>= 3.0)
      FSPowerPack.Linq.Community (>= 3.0)
    FAKE (4.58.6)
    FsPickler (2.4) - framework: >= net45
    FSPowerPack.Core.Community (3.0) - framework: >= net45
    FSPowerPack.Linq.Community (3.0) - framework: >= net45
      FSPowerPack.Core.Community
    Newtonsoft.Json (9.0.1) - framework: >= net45
    NuGet.CommandLine (3.5) - framework: >= net45
    System.Collections.Immutable (1.3.1) - framework: >= net45
    xunit (2.2) - framework: >= net45
      xunit.assert (2.2)
      xunit.core (2.2)
    xunit.abstractions (2.0.1) - framework: >= net452
    xunit.assert (2.2) - framework: >= net45
    xunit.core (2.2) - framework: >= net45
      xunit.extensibility.core (2.2)
      xunit.extensibility.execution (2.2)
    xunit.extensibility.core (2.2) - framework: >= net45
      xunit.abstractions (>= 2.0.1) - framework: >= net452, >= netstandard11
    xunit.extensibility.execution (2.2) - framework: >= net45
      xunit.extensibility.core (2.2) - framework: >= net452, >= netstandard11
