NUGET
  remote: https://www.nuget.org/api/v2
    Akka (1.2.3) - framework: >= net45
      Newtonsoft.Json (>= 9.0.1)
      System.Collections.Immutable (>= 1.3.1)
    Akka.FSharp (1.2.3) - framework: >= net45
      Akka (>= 1.2.3)
      FSharp.Core (>= 4.1.17)
      FsPickler (>= 3.2)
      FSPowerPack.Core.Community (>= 3.0)
      FSPowerPack.Linq.Community (>= 3.0)
      System.ValueTuple (>= 4.3)
    FAKE (4.62.5)
    FSharp.Core (4.2.1) - framework: >= net45
      System.Collections (>= 4.0.11) - framework: >= net463, >= netstandard16
      System.Console (>= 4.0) - framework: >= net463, >= netstandard16
      System.Diagnostics.Debug (>= 4.0.11) - framework: >= net463, >= netstandard16
      System.Diagnostics.Tools (>= 4.0.1) - framework: >= net463, >= netstandard16
      System.Globalization (>= 4.0.11) - framework: >= net463, >= netstandard16
      System.IO (>= 4.1) - framework: >= net463, >= netstandard16
      System.Linq (>= 4.1) - framework: >= net463, >= netstandard16
      System.Linq.Expressions (>= 4.1) - framework: >= net463, >= netstandard16
      System.Linq.Queryable (>= 4.0.1) - framework: >= net463, >= netstandard16
      System.Net.Requests (>= 4.0.11) - framework: >= net463, >= netstandard16
      System.Reflection (>= 4.1) - framework: >= net463, >= netstandard16
      System.Reflection.Extensions (>= 4.0.1) - framework: >= net463, >= netstandard16
      System.Resources.ResourceManager (>= 4.0.1) - framework: >= net463, >= netstandard16
      System.Runtime (>= 4.1) - framework: >= net463, >= netstandard16
      System.Runtime.Extensions (>= 4.1) - framework: >= net463, >= netstandard16
      System.Runtime.Numerics (>= 4.0.1) - framework: >= net463, >= netstandard16
      System.Text.RegularExpressions (>= 4.1) - framework: >= net463, >= netstandard16
      System.Threading (>= 4.0.11) - framework: >= net463, >= netstandard16
      System.Threading.Tasks (>= 4.0.11) - framework: >= net463, >= netstandard16
      System.Threading.Tasks.Parallel (>= 4.0.1) - framework: >= net463, >= netstandard16
      System.Threading.Thread (>= 4.0) - framework: >= net463, >= netstandard16
      System.Threading.ThreadPool (>= 4.0.10) - framework: >= net463, >= netstandard16
      System.Threading.Timer (>= 4.0.1) - framework: >= net463, >= netstandard16
    FsPickler (3.3) - framework: >= net45
    FSPowerPack.Core.Community (3.0) - framework: >= net45
    FSPowerPack.Linq.Community (3.0) - framework: >= net45
      FSPowerPack.Core.Community
    Newtonsoft.Json (10.0.3) - framework: >= net45
    NuGet.CommandLine (4.1) - framework: >= net45
    System.Collections (4.3) - framework: >= net463
    System.Collections.Immutable (1.3.1) - framework: >= net45
    System.Console (4.3) - framework: >= net463
    System.Diagnostics.Debug (4.3) - framework: >= net463
    System.Diagnostics.Tools (4.3) - framework: >= net463
    System.Globalization (4.3) - framework: >= net463
    System.IO (4.3) - framework: >= net463
    System.Linq (4.3) - framework: >= net463
    System.Linq.Expressions (4.3) - framework: >= net463
    System.Linq.Queryable (4.3) - framework: >= net463
    System.Net.Requests (4.3) - framework: >= net463
    System.Reflection (4.3) - framework: >= net463
    System.Reflection.Extensions (4.3) - framework: >= net463
    System.Resources.ResourceManager (4.3) - framework: >= net463
    System.Runtime (4.3) - framework: >= net463
    System.Runtime.Extensions (4.3) - framework: >= net463
    System.Runtime.Numerics (4.3) - framework: >= net463
    System.Text.RegularExpressions (4.3) - framework: >= net463
    System.Threading (4.3) - framework: >= net463
    System.Threading.Tasks (4.3) - framework: >= net463
    System.Threading.Tasks.Parallel (4.3) - framework: >= net463
    System.Threading.Thread (4.3) - framework: >= net463
    System.Threading.ThreadPool (4.3) - framework: >= net463
    System.Threading.Timer (4.3) - framework: >= net463
    System.ValueTuple (4.3.1) - framework: >= net45
    xunit (2.2) - framework: >= net45
      xunit.assert (2.2)
      xunit.core (2.2)
    xunit.abstractions (2.0.1) - framework: >= net452
    xunit.assert (2.2) - framework: >= net45
    xunit.core (2.2) - framework: >= net45
      xunit.extensibility.core (2.2)
      xunit.extensibility.execution (2.2)
    xunit.extensibility.core (2.2) - framework: >= net45
      xunit.abstractions (>= 2.0.1) - framework: >= net452, >= netstandard11
    xunit.extensibility.execution (2.2) - framework: >= net45
      xunit.extensibility.core (2.2) - framework: >= net452, >= netstandard11
